GEM
  remote: https://rubygems.org/
  specs:
    byebug (11.1.3)
    coderay (1.1.3)
    kramdown (2.3.1)
      rexml
    method_source (1.0.0)
    pdf-core (0.9.0)
    prawn (2.4.0)
      pdf-core (~> 0.9.0)
      ttfunk (~> 1.7)
    prawn-table (0.2.2)
      prawn (>= 1.3.0, < 3.0.0)
    pry (0.13.1)
      coderay (~> 1.1)
      method_source (~> 1.0)
    pry-byebug (3.9.0)
      byebug (~> 11.0)
      pry (~> 0.13.0)
    rexml (3.2.5)
    ttfunk (1.7.0)

PLATFORMS
  ruby

DEPENDENCIES
  kramdown
  prawn
  prawn-table
  pry-byebug

RUBY VERSION
   ruby 2.7.4p191

BUNDLED WITH
   2.2.22
