GEM
  remote: https://rubygems.org/
  specs:
    ast (2.4.2)
    base64 (0.1.1)
    json (2.6.3)
    kramdown (2.4.0)
      rexml
    kramdown-converter-pdf (1.0.5)
      kramdown (~> 2.0)
      prawn (~> 2.0)
      prawn-table (~> 0.2.2)
    language_server-protocol (3.17.0.3)
    matrix (0.4.2)
    parallel (1.23.0)
    parser (3.2.2.3)
      ast (~> 2.4.1)
      racc
    pdf-core (0.9.0)
    prawn (2.4.0)
      pdf-core (~> 0.9.0)
      ttfunk (~> 1.7)
    prawn-table (0.2.2)
      prawn (>= 1.3.0, < 3.0.0)
    racc (1.7.1)
    rainbow (3.1.1)
    rake (13.0.6)
    regexp_parser (2.8.1)
    rexml (3.2.6)
    rubocop (1.56.3)
      base64 (~> 0.1.1)
      json (~> 2.3)
      language_server-protocol (>= 3.17.0)
      parallel (~> 1.10)
      parser (>= 3.2.2.3)
      rainbow (>= 2.2.2, < 4.0)
      regexp_parser (>= 1.8, < 3.0)
      rexml (>= 3.2.5, < 4.0)
      rubocop-ast (>= 1.28.1, < 2.0)
      ruby-progressbar (~> 1.7)
      unicode-display_width (>= 2.4.0, < 3.0)
    rubocop-ast (1.29.0)
      parser (>= 3.2.1.0)
    rubocop-rake (0.6.0)
      rubocop (~> 1.0)
    ruby-progressbar (1.13.0)
    ttfunk (1.7.0)
    unicode-display_width (2.4.2)

PLATFORMS
  ruby

DEPENDENCIES
  kramdown
  kramdown-converter-pdf
  matrix
  prawn
  rake
  rubocop
  rubocop-rake

RUBY VERSION
   ruby 3.2.2p53

BUNDLED WITH
   2.4.19
